GEM
  remote: https://rubygems.org/
  specs:
    algorithms (1.0.0)
    atk (4.1.2)
      glib2 (= 4.1.2)
    cairo (1.17.8)
      native-package-installer (>= 1.0.3)
      pkg-config (>= 1.2.2)
      red-colors
    cairo-gobject (4.1.2)
      cairo (>= 1.16.2)
      glib2 (= 4.1.2)
    fiddle (1.1.1)
    gdk3 (4.1.2)
      cairo-gobject (= 4.1.2)
      gdk_pixbuf2 (= 4.1.2)
      pango (= 4.1.2)
    gdk_pixbuf2 (4.1.2)
      gio2 (= 4.1.2)
    gio2 (4.1.2)
      fiddle
      gobject-introspection (= 4.1.2)
    glib2 (4.1.2)
      native-package-installer (>= 1.0.3)
      pkg-config (>= 1.3.5)
    gobject-introspection (4.1.2)
      glib2 (= 4.1.2)
    gtk3 (4.1.2)
      atk (= 4.1.2)
      gdk3 (= 4.1.2)
    matrix (0.4.2)
    native-package-installer (1.1.5)
    pango (4.1.2)
      cairo-gobject (= 4.1.2)
      gobject-introspection (= 4.1.2)
    pkg-config (1.5.1)
    power_assert (2.0.3)
    rake (13.0.6)
    red-colors (0.3.0)
      matrix
    ruby-debug-ide (0.7.3)
      rake (>= 0.8.1)
    test-unit (3.5.7)
      power_assert

PLATFORMS
  arm64-darwin-22

DEPENDENCIES
  algorithms
  gtk3
  ruby-debug-ide
  test-unit

BUNDLED WITH
   2.4.9
